GEM
  remote: https://rubygems.org/
  specs:
    actioncable (6.0.0.rc2)
      actionpack (= 6.0.0.rc2)
      nio4r (~> 2.0)
      websocket-driver (>= 0.6.1)
    actionmailbox (6.0.0.rc2)
      actionpack (= 6.0.0.rc2)
      activejob (= 6.0.0.rc2)
      activerecord (= 6.0.0.rc2)
      activestorage (= 6.0.0.rc2)
      activesupport (= 6.0.0.rc2)
      mail (>= 2.7.1)
    actionmailer (6.0.0.rc2)
      actionpack (= 6.0.0.rc2)
      actionview (= 6.0.0.rc2)
      activejob (= 6.0.0.rc2)
      mail (~> 2.5, >= 2.5.4)
      rails-dom-testing (~> 2.0)
    actionpack (6.0.0.rc2)
      actionview (= 6.0.0.rc2)
      activesupport (= 6.0.0.rc2)
      rack (~> 2.0)
      rack-test (>= 0.6.3)
      rails-dom-testing (~> 2.0)
      rails-html-sanitizer (~> 1.0, >= 1.0.2)
    actiontext (6.0.0.rc2)
      actionpack (= 6.0.0.rc2)
      activerecord (= 6.0.0.rc2)
      activestorage (= 6.0.0.rc2)
      activesupport (= 6.0.0.rc2)
      nokogiri (>= 1.8.5)
    actionview (6.0.0.rc2)
      activesupport (= 6.0.0.rc2)
      builder (~> 3.1)
      erubi (~> 1.4)
      rails-dom-testing (~> 2.0)
      rails-html-sanitizer (~> 1.0, >= 1.0.3)
    activejob (6.0.0.rc2)
      activesupport (= 6.0.0.rc2)
      globalid (>= 0.3.6)
    activemodel (6.0.0.rc2)
      activesupport (= 6.0.0.rc2)
    activerecord (6.0.0.rc2)
      activemodel (= 6.0.0.rc2)
      activesupport (= 6.0.0.rc2)
    activestorage (6.0.0.rc2)
      actionpack (= 6.0.0.rc2)
      activejob (= 6.0.0.rc2)
      activerecord (= 6.0.0.rc2)
      marcel (~> 0.3.1)
    activesupport (6.0.0.rc2)
      concurrent-ruby (~> 1.0, >= 1.0.2)
      i18n (>= 0.7, < 2)
      minitest (~> 5.1)
      tzinfo (~> 1.1)
      zeitwerk (~> 2.1, >= 2.1.8)
    addressable (2.6.0)
      public_suffix (>= 2.0.2, < 4.0)
    awesome_print (1.8.0)
    bootsnap (1.4.4)
      msgpack (~> 1.0)
    builder (3.2.3)
    byebug (11.0.1)
    concurrent-ruby (1.1.5)
    connection_pool (2.2.2)
    crack (0.4.3)
      safe_yaml (~> 1.0.0)
    crass (1.0.4)
    database_cleaner (1.7.0)
    diff-lcs (1.3)
    docile (1.3.2)
    dotenv (2.7.5)
    dotenv-rails (2.7.5)
      dotenv (= 2.7.5)
      railties (>= 3.2, < 6.1)
    dry-configurable (0.8.3)
      concurrent-ruby (~> 1.0)
      dry-core (~> 0.4, >= 0.4.7)
    dry-container (0.7.2)
      concurrent-ruby (~> 1.0)
      dry-configurable (~> 0.1, >= 0.1.3)
    dry-core (0.4.8)
      concurrent-ruby (~> 1.0)
    dry-equalizer (0.2.2)
    dry-events (0.2.0)
      concurrent-ruby (~> 1.0)
      dry-core (~> 0.4)
      dry-equalizer (~> 0.2)
    dry-initializer (2.5.0)
    dry-matcher (0.8.0)
      dry-core (>= 0.4.7)
    dry-monads (1.3.0)
      concurrent-ruby (~> 1.0)
      dry-core (~> 0.4, >= 0.4.4)
      dry-equalizer
    dry-transaction (0.13.0)
      dry-container (>= 0.2.8)
      dry-events (>= 0.1.0)
      dry-matcher (>= 0.7.0)
      dry-monads (>= 0.4.0)
    erubi (1.8.0)
    factory_bot (5.0.2)
      activesupport (>= 4.2.0)
    factory_bot_rails (5.0.2)
      factory_bot (~> 5.0.2)
      railties (>= 4.2.0)
    faker (2.1.0)
      i18n (>= 0.7)
    fast_jsonapi (1.5)
      activesupport (>= 4.2)
    ffi (1.11.1)
    geocoder (1.5.1)
    globalid (0.4.2)
      activesupport (>= 4.2.0)
    hashdiff (1.0.0)
    httparty (0.17.0)
      mime-types (~> 3.0)
      multi_xml (>= 0.5.2)
    i18n (1.6.0)
      concurrent-ruby (~> 1.0)
    json (2.2.0)
    listen (3.1.5)
      rb-fsevent (~> 0.9, >= 0.9.4)
      rb-inotify (~> 0.9, >= 0.9.7)
      ruby_dep (~> 1.2)
    loofah (2.2.3)
      crass (~> 1.0.2)
      nokogiri (>= 1.5.9)
    mail (2.7.1)
      mini_mime (>= 0.1.1)
    marcel (0.3.3)
      mimemagic (~> 0.3.2)
    method_source (0.9.2)
    mime-types (3.2.2)
      mime-types-data (~> 3.2015)
    mime-types-data (3.2019.0331)
    mimemagic (0.3.3)
    mini_mime (1.0.2)
    mini_portile2 (2.4.0)
    minitest (5.11.3)
    msgpack (1.3.0)
    multi_xml (0.6.0)
    nio4r (2.4.0)
    nokogiri (1.10.4)
      mini_portile2 (~> 2.4.0)
    pagy (3.5.0)
    pg (1.1.4)
    public_suffix (3.1.1)
    puma (3.12.1)
    rack (2.0.7)
    rack-cors (1.0.3)
    rack-protection (2.0.5)
      rack
    rack-test (1.1.0)
      rack (>= 1.0, < 3)
    rails (6.0.0.rc2)
      actioncable (= 6.0.0.rc2)
      actionmailbox (= 6.0.0.rc2)
      actionmailer (= 6.0.0.rc2)
      actionpack (= 6.0.0.rc2)
      actiontext (= 6.0.0.rc2)
      actionview (= 6.0.0.rc2)
      activejob (= 6.0.0.rc2)
      activemodel (= 6.0.0.rc2)
      activerecord (= 6.0.0.rc2)
      activestorage (= 6.0.0.rc2)
      activesupport (= 6.0.0.rc2)
      bundler (>= 1.3.0)
      railties (= 6.0.0.rc2)
      sprockets-rails (>= 2.0.0)
    rails-dom-testing (2.0.3)
      activesupport (>= 4.2.0)
      nokogiri (>= 1.6)
    rails-html-sanitizer (1.0.4)
      loofah (~> 2.2, >= 2.2.2)
    railties (6.0.0.rc2)
      actionpack (= 6.0.0.rc2)
      activesupport (= 6.0.0.rc2)
      method_source
      rake (>= 0.8.7)
      thor (>= 0.20.3, < 2.0)
    rake (12.3.3)
    rb-fsevent (0.10.3)
    rb-inotify (0.10.0)
      ffi (~> 1.0)
    redis (4.1.2)
    rspec-core (3.8.2)
      rspec-support (~> 3.8.0)
    rspec-expectations (3.8.4)
      diff-lcs (>= 1.2.0, < 2.0)
      rspec-support (~> 3.8.0)
    rspec-mocks (3.8.1)
      diff-lcs (>= 1.2.0, < 2.0)
      rspec-support (~> 3.8.0)
    rspec-rails (3.8.2)
      actionpack (>= 3.0)
      activesupport (>= 3.0)
      railties (>= 3.0)
      rspec-core (~> 3.8.0)
      rspec-expectations (~> 3.8.0)
      rspec-mocks (~> 3.8.0)
      rspec-support (~> 3.8.0)
    rspec-support (3.8.2)
    ruby_dep (1.5.0)
    safe_yaml (1.0.5)
    shoulda-matchers (4.1.2)
      activesupport (>= 4.2.0)
    sidekiq (5.2.7)
      connection_pool (~> 2.2, >= 2.2.2)
      rack (>= 1.5.0)
      rack-protection (>= 1.5.0)
      redis (>= 3.3.5, < 5)
    simplecov (0.17.0)
      docile (~> 1.1)
      json (>= 1.8, < 3)
      simplecov-html (~> 0.10.0)
    simplecov-html (0.10.2)
    sprockets (3.7.2)
      concurrent-ruby (~> 1.0)
      rack (> 1, < 3)
    sprockets-rails (3.2.1)
      actionpack (>= 4.0)
      activesupport (>= 4.0)
      sprockets (>= 3.0.0)
    state_machines (0.5.0)
    state_machines-activemodel (0.6.0)
      activemodel (>= 4.1, < 6.0)
      state_machines (>= 0.5.0)
    state_machines-activerecord (0.6.0)
      activerecord (>= 4.1)
      state_machines-activemodel (>= 0.5.0)
    thor (0.20.3)
    thread_safe (0.3.6)
    tzinfo (1.2.5)
      thread_safe (~> 0.1)
    webmock (3.6.2)
      addressable (>= 2.3.6)
      crack (>= 0.3.2)
      hashdiff (>= 0.4.0, < 2.0.0)
    websocket-driver (0.7.1)
      websocket-extensions (>= 0.1.0)
    websocket-extensions (0.1.4)
    zeitwerk (2.1.9)

PLATFORMS
  ruby

DEPENDENCIES
  awesome_print
  bootsnap (>= 1.4.2)
  byebug
  database_cleaner
  dotenv-rails
  dry-initializer (~> 2.3)
  dry-monads (~> 1.0)
  dry-transaction
  factory_bot_rails
  faker
  fast_jsonapi
  geocoder
  httparty
  listen (>= 3.0.5, < 3.2)
  pagy (~> 3.5)
  pg (~> 1.1)
  puma (~> 3.11)
  rack-cors
  rails (~> 6.0.0.rc2)
  rspec-rails (~> 3.8)
  shoulda-matchers
  sidekiq (~> 5.2)
  simplecov
  state_machines-activerecord
  tzinfo-data
  webmock

RUBY VERSION
   ruby 2.5.3p105

BUNDLED WITH
   2.0.2
